PATH
  remote: .
  specs:
    osp (0.3.0.pre.dev.1)
      highline (~> 1.7)
      msgpack (~> 0.7)
      thefox-ext (~> 1.2)

GEM
  remote: https://rubygems.org/
  specs:
    highline (1.7.8)
    minitest (5.8.3)
    msgpack (0.7.1)
    thefox-ext (1.2.0)

PLATFORMS
  ruby

DEPENDENCIES
  bundler (~> 1.10)
  minitest (~> 5.8)
  osp!

BUNDLED WITH
   1.10.2
